PATH
  remote: .
  specs:
    CanvasAnnotationDownloader (0.1.0)
      caxlsx (< 5.0)
      dotenv (< 4.0)
      pdf-reader (< 3.0)

GEM
  remote: https://rubygems.org/
  specs:
    Ascii85 (1.1.1)
    afm (0.2.2)
    bigdecimal (3.1.8)
    caxlsx (4.1.0)
      htmlentities (~> 4.3, >= 4.3.4)
      marcel (~> 1.0)
      nokogiri (~> 1.10, >= 1.10.4)
      rubyzip (>= 1.3.0, < 3)
    dotenv (3.1.2)
    hashery (2.1.2)
    htmlentities (4.3.4)
    marcel (1.0.4)
    mini_portile2 (2.8.7)
    nokogiri (1.16.6)
      mini_portile2 (~> 2.8.2)
      racc (~> 1.4)
    nokogiri (1.16.6-arm64-darwin)
      racc (~> 1.4)
    pdf-reader (2.12.0)
      Ascii85 (~> 1.0)
      afm (~> 0.2.1)
      hashery (~> 2.0)
      ruby-rc4
      ttfunk
    racc (1.8.0)
    ruby-rc4 (0.1.5)
    rubyzip (2.3.2)
    ttfunk (1.8.0)
      bigdecimal (~> 3.1)

PLATFORMS
  arm64-darwin-23
  ruby

DEPENDENCIES
  CanvasAnnotationDownloader!

BUNDLED WITH
   2.5.5
